GEM
  remote: http://rubygems.org/
  specs:
    cairo (1.12.6)
      pkg-config
    fftw3 (0.3)
      narray
    narray (0.6.0.8)
    pkg-config (1.1.4)
    ruby-audio (1.6.1)

PLATFORMS
  ruby

DEPENDENCIES
  cairo
  fftw3
  narray
  ruby-audio
